PATH
  remote: .
  specs:
    miniphonic (0.0.1)
      faraday
      faraday_middleware
      mime-types
      multi_json

GEM
  remote: https://rubygems.org/
  specs:
    addressable (2.3.5)
    crack (0.4.1)
      safe_yaml (~> 0.9.0)
    faraday (0.8.8)
      multipart-post (~> 1.2.0)
    faraday_middleware (0.9.0)
      faraday (>= 0.7.4, < 0.9)
    metaclass (0.0.1)
    mime-types (1.25)
    mocha (0.14.0)
      metaclass (~> 0.0.1)
    multi_json (1.8.1)
    multipart-post (1.2.0)
    rake (10.1.0)
    safe_yaml (0.9.7)
    vcr (2.6.0)
    webmock (1.14.0)
      addressable (>= 2.2.7)
      crack (>= 0.3.2)

PLATFORMS
  ruby

DEPENDENCIES
  bundler (~> 1.3)
  miniphonic!
  mocha
  rake
  vcr
  webmock
