PATH
  remote: .
  specs:
    miniphonic (0.0.1)
      faraday
      faraday_middleware
      mime-types
      multi_json

GEM
  remote: https://rubygems.org/
  specs:
    faraday (0.8.8)
      multipart-post (~> 1.2.0)
    faraday_middleware (0.9.0)
      faraday (>= 0.7.4, < 0.9)
    metaclass (0.0.1)
    mime-types (1.25)
    mocha (0.14.0)
      metaclass (~> 0.0.1)
    multi_json (1.8.1)
    multipart-post (1.2.0)
    rake (10.1.0)
    vcr (2.6.0)

PLATFORMS
  ruby

DEPENDENCIES
  bundler (~> 1.3)
  miniphonic!
  mocha
  rake
  vcr
